NUGET
  remote: https://nuget.org/api/v2
  specs:
    FluentAssertions (3.4.1)
    FSharp.Core (3.1.2.5)
    xunit (2.0.0)
      xunit.assert (2.0.0)
      xunit.core (2.0.0)
    xunit.abstractions (2.0.0)
    xunit.assert (2.0.0)
    xunit.core (2.0.0)
      xunit.extensibility.core (2.0.0)
    xunit.extensibility.core (2.0.0)
      xunit.abstractions (2.0.0)
    xunit.runner.visualstudio (2.0.1)
GITHUB
  remote: gsscoder/CSharpx
  specs:
    src/CSharpx/Either.cs (e389817649e9e501fa973270b1bba5ee75dd7cdb)
    src/CSharpx/Maybe.cs (e389817649e9e501fa973270b1bba5ee75dd7cdb)