NUGET
  remote: https://nuget.org/api/v2
  specs:
    FAKE (3.36.0)
    FluentAssertions (3.4.1)
    FSharp.Core (3.1.2.5)
    xunit (2.0.0)
      xunit.assert (2.0.0)
      xunit.core (2.0.0)
    xunit.abstractions (2.0.0)
    xunit.assert (2.0.0)
    xunit.core (2.0.0)
      xunit.extensibility.core (2.0.0)
    xunit.extensibility.core (2.0.0)
      xunit.abstractions (2.0.0)
    xunit.runner.console (2.0.0)
    xunit.runner.visualstudio (2.0.1)
GITHUB
  remote: gsscoder/CSharpx
  specs:
    src/CSharpx/Either.cs (f78c3270e06d4d9605486208e0b07c9ae1b5aa38)
    src/CSharpx/EnumerableExtensions.cs (f78c3270e06d4d9605486208e0b07c9ae1b5aa38)
    src/CSharpx/Maybe.cs (f78c3270e06d4d9605486208e0b07c9ae1b5aa38)
  remote: gsscoder/railwaysharp
  specs:
    src/RailwaySharp/ErrorHandling.cs (03d1407eccde04885b9382b6e0f123db6130e393)