NUGET
  remote: https://nuget.org/api/v2
  specs:
    FAKE (4.1.4)
    FluentAssertions (3.5.0)
    FSharp.Compiler.Service (1.4.0.1)
    FSharp.Core (4.0.0.1)
    FSharp.Formatting (2.10.0)
      FSharp.Compiler.Service (>= 0.0.87)
      FSharpVSPowerTools.Core (1.8.0)
    FSharpVSPowerTools.Core (1.8.0)
      FSharp.Compiler.Service (>= 0.0.87)
    xunit (2.0.0)
      xunit.assert (2.0.0)
      xunit.core (2.0.0)
    xunit.abstractions (2.0.0)
    xunit.assert (2.0.0)
    xunit.core (2.0.0)
      xunit.extensibility.core (2.0.0)
    xunit.extensibility.core (2.0.0)
      xunit.abstractions (2.0.0)
    xunit.runner.console (2.0.0)
    xunit.runner.visualstudio (2.0.1)
GITHUB
  remote: gsscoder/CSharpx
  specs:
    src/CSharpx/EnumerableExtensions.cs (6c94f04f67ce53ac44c512427c99195f245ecf72)
    src/CSharpx/Maybe.cs (6c94f04f67ce53ac44c512427c99195f245ecf72)
  remote: gsscoder/railwaysharp
  specs:
    src/RailwaySharp/ErrorHandling.cs (a21b10fe991dbf5e591f1378451fe787e5dab82e)