NUGET
  remote: https://nuget.org/api/v2
  specs:
    FAKE (4.0.1)
    FluentAssertions (3.4.1)
    FSharp.Core (3.1.2.5)
    xunit (2.0.0)
      xunit.assert (2.0.0)
      xunit.core (2.0.0)
    xunit.abstractions (2.0.0)
    xunit.assert (2.0.0)
    xunit.core (2.0.0)
      xunit.extensibility.core (2.0.0)
    xunit.extensibility.core (2.0.0)
      xunit.abstractions (2.0.0)
    xunit.runner.console (2.0.0)
    xunit.runner.visualstudio (2.0.1)
GITHUB
  remote: gsscoder/CSharpx
  specs:
    src/CSharpx/Either.cs (e078c7f441aec196db027375f5d822607d3c1249)
    src/CSharpx/EnumerableExtensions.cs (e078c7f441aec196db027375f5d822607d3c1249)
    src/CSharpx/Maybe.cs (e078c7f441aec196db027375f5d822607d3c1249)
  remote: gsscoder/railwaysharp
  specs:
    src/RailwaySharp/ErrorHandling.cs (ff199e05c9864dcec824d746ac0cdc5e39870099)