NUGET
  remote: https://nuget.org/api/v2
  specs:
    FAKE (4.0.1)
    FluentAssertions (3.4.1)
    FSharp.Core (3.1.2.5)
    xunit (2.0.0)
      xunit.assert (2.0.0)
      xunit.core (2.0.0)
    xunit.abstractions (2.0.0)
    xunit.assert (2.0.0)
    xunit.core (2.0.0)
      xunit.extensibility.core (2.0.0)
    xunit.extensibility.core (2.0.0)
      xunit.abstractions (2.0.0)
    xunit.runner.console (2.0.0)
    xunit.runner.visualstudio (2.0.1)
GITHUB
  remote: gsscoder/CSharpx
  specs:
    src/CSharpx/Either.cs (2eb4a65c63a498025ea312863f18cb1d93e780a1)
    src/CSharpx/EnumerableExtensions.cs (2eb4a65c63a498025ea312863f18cb1d93e780a1)
    src/CSharpx/Maybe.cs (2eb4a65c63a498025ea312863f18cb1d93e780a1)
  remote: gsscoder/railwaysharp
  specs:
    src/RailwaySharp/ErrorHandling.cs (7fd66f6c67cf8ccdbc616799d545b2ccfa692f1d)